GEM
  remote: https://rubygems.org/
  specs:
    activesupport (5.1.4)
      concurrent-ruby (~> 1.0, >= 1.0.2)
      i18n (~> 0.7)
      minitest (~> 5.1)
      tzinfo (~> 1.1)
    concurrent-ruby (1.0.5)
    dotenv (2.1.1)
    i18n (0.9.0)
      concurrent-ruby (~> 1.0)
    intercom (3.5.21)
      json (>= 1.8)
    json (2.1.0)
    mini_portile2 (2.3.0)
    minitest (5.10.3)
    mustermann (1.0.1)
    nokogiri (1.8.1)
      mini_portile2 (~> 2.3.0)
    rack (2.0.3)
    rack-protection (2.0.0)
      rack
    sinatra (2.0.0)
      mustermann (~> 1.0)
      rack (~> 2.0)
      rack-protection (= 2.0.0)
      tilt (~> 2.0)
    thread_safe (0.3.6)
    tilt (2.0.8)
    tzinfo (1.2.3)
      thread_safe (~> 0.1)

PLATFORMS
  ruby

DEPENDENCIES
  activesupport
  dotenv (= 2.1.1)
  intercom
  json
  nokogiri
  sinatra

RUBY VERSION
   ruby 2.3.1p112

BUNDLED WITH
   1.15.4
